PATH
  remote: .
  specs:
    abingo (1.0.3)
      activesupport (>= 3.1.0)

GEM
  remote: http://rubygems.org/
  specs:
    activesupport (3.1.3)
      multi_json (~> 1.0)
    multi_json (1.0.4)

PLATFORMS
  ruby

DEPENDENCIES
  abingo!
